PATH
  remote: vendor/ace
  specs:
    ace (0.4.5)
      template-inheritance

PATH
  remote: vendor/nake
  specs:
    nake (0.0.9.1)
      term-ansicolor

PATH
  remote: vendor/template-inheritance
  specs:
    template-inheritance (0.3)
      haml
      tilt

GEM
  remote: http://gemcutter.org/
  specs:
    RedCloth (4.2.7)
    albino (1.3.3)
      posix-spawn (>= 0.3.6)
    haml (3.1.2)
    media-path (0.1.3)
    nokogiri (1.4.4)
    posix-spawn (0.3.6)
    pupu (0.2)
      media-path
    rack (1.3.0)
    term-ansicolor (1.0.5)
    tilt (1.3.2)

PLATFORMS
  ruby

DEPENDENCIES
  RedCloth
  ace!
  albino
  nake!
  nokogiri
  pupu
  rack
  template-inheritance!
